GEM
  remote: https://rubygems.org/
  specs:
    pp (0.1.1)

PLATFORMS
  ruby

DEPENDENCIES
  pp (~> 0.1.1)

BUNDLED WITH
   1.17.3
